GEM
  remote: https://rubygems.org/
  specs:
    concurrent-ruby (1.1.5)
    hanami-cli (0.3.1)
      concurrent-ruby (~> 1.0)
      hanami-utils (~> 1.3)
    hanami-utils (1.3.5)
      concurrent-ruby (~> 1.0)
      transproc (~> 1.0)
    mini_portile2 (2.4.0)
    nokogiri (1.10.8)
      mini_portile2 (~> 2.4.0)
    transproc (1.1.0)

PLATFORMS
  ruby

DEPENDENCIES
  hanami-cli
  nokogiri

BUNDLED WITH
   2.0.2
